GEM
  remote: https://rubygems.org/
  specs:
    awesome_print (1.2.0)
    mime-types (2.3)
    mini_portile (0.6.0)
    netrc (0.7.7)
    nokogiri (1.6.3.1)
      mini_portile (= 0.6.0)
    qif (1.1.2)
    rest-client (1.7.2)
      mime-types (>= 1.16, < 3.0)
      netrc (~> 0.7)
    roo (1.13.2)
      nokogiri
      rubyzip
      spreadsheet (> 0.6.4)
    ruby-ole (1.2.11.7)
    rubyzip (1.1.6)
    spreadsheet (0.6.5.9)
      ruby-ole (>= 1.0)
    thor (0.19.1)

PLATFORMS
  ruby

DEPENDENCIES
  awesome_print (= 1.2.0)
  qif (= 1.1.2)
  rest-client (= 1.7.2)
  roo (= 1.13.2)
  thor (= 0.19.1)
